PATH
  remote: .
  specs:
    uuidable (0.2.4)
      activerecord (>= 4.2, < 6.1)
      uuidtools (>= 2.1, < 3)

GEM
  remote: https://rubygems.org/
  specs:
    activemodel (5.2.4.4)
      activesupport (= 5.2.4.4)
    activerecord (5.2.4.4)
      activemodel (= 5.2.4.4)
      activesupport (= 5.2.4.4)
      arel (>= 9.0)
    activesupport (5.2.4.4)
      concurrent-ruby (~> 1.0, >= 1.0.2)
      i18n (>= 0.7, < 2)
      minitest (~> 5.1)
      tzinfo (~> 1.1)
    addressable (2.4.0)
    arel (9.0.0)
    ast (2.3.0)
    backports (3.6.8)
    concurrent-ruby (1.1.7)
    diff-lcs (1.2.5)
    ethon (0.8.1)
      ffi (>= 1.3.0)
    faraday (0.9.2)
      multipart-post (>= 1.2, < 3)
    faraday_middleware (0.10.0)
      faraday (>= 0.7.4, < 0.10)
    ffi (1.13.1)
    gh (0.14.0)
      addressable
      backports
      faraday (~> 0.8)
      multi_json (~> 1.0)
      net-http-persistent (>= 2.7)
      net-http-pipeline
    highline (1.7.8)
    i18n (1.8.5)
      concurrent-ruby (~> 1.0)
    json (1.8.3)
    launchy (2.4.3)
      addressable (~> 2.3)
    minitest (5.14.2)
    multi_json (1.11.2)
    multipart-post (2.0.0)
    net-http-persistent (2.9.4)
    net-http-pipeline (1.0.1)
    parallel (1.12.0)
    parser (2.4.0.2)
      ast (~> 2.3)
    powerpack (0.1.1)
    pusher-client (0.6.2)
      json
      websocket (~> 1.0)
    rainbow (2.2.2)
      rake
    rake (10.5.0)
    rspec (3.4.0)
      rspec-core (~> 3.4.0)
      rspec-expectations (~> 3.4.0)
      rspec-mocks (~> 3.4.0)
    rspec-core (3.4.3)
      rspec-support (~> 3.4.0)
    rspec-expectations (3.4.0)
      diff-lcs (>= 1.2.0, < 2.0)
      rspec-support (~> 3.4.0)
    rspec-mocks (3.4.1)
      diff-lcs (>= 1.2.0, < 2.0)
      rspec-support (~> 3.4.0)
    rspec-support (3.4.1)
    rubocop (0.50.0)
      parallel (~> 1.10)
      parser (>= 2.3.3.1, < 3.0)
      powerpack (~> 0.1)
      rainbow (>= 2.2.2, < 3.0)
      ruby-progressbar (~> 1.7)
      unicode-display_width (~> 1.0, >= 1.0.1)
    ruby-progressbar (1.9.0)
    thread_safe (0.3.6)
    travis (1.8.2)
      backports
      faraday (~> 0.9)
      faraday_middleware (~> 0.9, >= 0.9.1)
      gh (~> 0.13)
      highline (~> 1.6)
      launchy (~> 2.1)
      pusher-client (~> 0.4)
      typhoeus (~> 0.6, >= 0.6.8)
    typhoeus (0.8.0)
      ethon (>= 0.8.0)
    tzinfo (1.2.7)
      thread_safe (~> 0.1)
    unicode-display_width (1.3.0)
    uuidtools (2.1.5)
    websocket (1.2.2)

PLATFORMS
  ruby

DEPENDENCIES
  bundler (~> 1.11)
  rake (~> 10.0)
  rspec (~> 3.0)
  rubocop
  travis (~> 1.8, >= 1.8.2)
  uuidable!

BUNDLED WITH
   1.17.3
